PATH
  remote: .
  specs:
    approvals (0.1.7)
      json (~> 2.0)
      nokogiri (~> 1.8)
      thor (~> 1.0)
      zeitwerk (~> 2.7.2)

GEM
  remote: http://rubygems.org/
  specs:
    diff-lcs (1.6.2)
    json (2.13.0)
    mini_portile2 (2.8.8)
    nokogiri (1.18.8)
      mini_portile2 (~> 2.8.2)
      racc (~> 1.4)
    nokogiri (1.18.8-x64-mingw-ucrt)
      racc (~> 1.4)
    racc (1.8.1)
    rake (13.3.0)
    rspec (3.13.1)
      rspec-core (~> 3.13.0)
      rspec-expectations (~> 3.13.0)
      rspec-mocks (~> 3.13.0)
    rspec-core (3.13.4)
      rspec-support (~> 3.13.0)
    rspec-expectations (3.13.5)
      diff-lcs (>= 1.2.0, < 2.0)
      rspec-support (~> 3.13.0)
    rspec-mocks (3.13.5)
      diff-lcs (>= 1.2.0, < 2.0)
      rspec-support (~> 3.13.0)
    rspec-support (3.13.4)
    thor (1.4.0)
    zeitwerk (2.7.3)

PLATFORMS
  ruby
  x64-mingw-ucrt

DEPENDENCIES
  approvals!
  rake (~> 13.0)
  rspec (~> 3.1)

BUNDLED WITH
   2.6.6
